PATH
  remote: .
  specs:
    arch_install (0.1.0)
      color_echo (~> 3.0)
      net-ssh (~> 5.0)

GEM
  remote: https://rubygems.org/
  specs:
    color_echo (3.1.1)
    net-ssh (5.0.2)
    rake (10.5.0)

PLATFORMS
  ruby

DEPENDENCIES
  arch_install!
  bundler (~> 1.16)
  rake (~> 10.0)

BUNDLED WITH
   1.16.4
